GEM
  remote: http://rubygems.org/
  specs:
    command-t (1.0.1)

PLATFORMS
  ruby

DEPENDENCIES
  command-t
